GEM
  remote: https://rubygems.org/
  specs:
    haml (4.0.7)
      tilt
    redcarpet (3.3.4)
    sass (3.4.22)
    tilt (2.0.5)

PLATFORMS
  ruby

DEPENDENCIES
  haml
  redcarpet
  sass

RUBY VERSION
   ruby 2.3.1p112

BUNDLED WITH
   1.13.6
