GEM
  remote: https://rubygems.org/
  specs:
    diff-lcs (1.2.5)
    haml (4.0.7)
      tilt
    redcarpet (3.3.4)
    rspec (3.5.0)
      rspec-core (~> 3.5.0)
      rspec-expectations (~> 3.5.0)
      rspec-mocks (~> 3.5.0)
    rspec-core (3.5.4)
      rspec-support (~> 3.5.0)
    rspec-expectations (3.5.0)
      diff-lcs (>= 1.2.0, < 2.0)
      rspec-support (~> 3.5.0)
    rspec-mocks (3.5.0)
      diff-lcs (>= 1.2.0, < 2.0)
      rspec-support (~> 3.5.0)
    rspec-support (3.5.0)
    sass (3.4.22)
    tilt (2.0.5)

PLATFORMS
  ruby

DEPENDENCIES
  haml
  redcarpet
  rspec
  sass

RUBY VERSION
   ruby 2.3.1p112

BUNDLED WITH
   1.13.6
