GEM
  remote: https://rubygems.org/
  specs:
    redcarpet (3.3.4)

PLATFORMS
  ruby

DEPENDENCIES
  redcarpet

RUBY VERSION
   ruby 2.3.1p112

BUNDLED WITH
   1.13.6
